PATH
  remote: .
  specs:
    redpotion (0.2.3)
      ProMotion (~> 2.0)
      motion_print
      ruby_motion_query (~> 0.9)

GEM
  remote: https://rubygems.org/
  specs:
    ProMotion (2.0.1)
      methadone (~> 1.4)
    methadone (1.8.0)
      bundler
    motion_print (0.0.4)
    rake (10.3.2)
    ruby_motion_query (0.9.0)

PLATFORMS
  ruby

DEPENDENCIES
  ProMotion (~> 2.0)
  motion_print
  rake
  redpotion!
  ruby_motion_query (~> 0.9)
